GEM
  remote: https://rubygems.org/
  specs:
    aws-sdk (2.5.6)
      aws-sdk-resources (= 2.5.6)
    aws-sdk-core (2.5.6)
      jmespath (~> 1.0)
    aws-sdk-resources (2.5.6)
      aws-sdk-core (= 2.5.6)
    jmespath (1.3.1)
    rainbow (2.1.0)

PLATFORMS
  ruby

DEPENDENCIES
  aws-sdk (~> 2)
  rainbow

BUNDLED WITH
   1.12.5
